GEM
  remote: https://ruby.taobao.org/
  specs:
    aws-sdk (2.1.23)
      aws-sdk-resources (= 2.1.23)
    aws-sdk-core (2.1.23)
      jmespath (~> 1.0)
    aws-sdk-resources (2.1.23)
      aws-sdk-core (= 2.1.23)
    jmespath (1.1.3)
    rake (10.4.2)

PLATFORMS
  ruby

DEPENDENCIES
  aws-sdk
  rake
